GEM
  remote: http://rubygems.org/
  specs:
    awesome_print (0.3.1)
    builder (3.0.0)
    crack (0.1.8)
    git (1.2.5)
    jeweler (1.5.1)
      bundler (~> 1.0.0)
      git (>= 1.2.5)
      rake
    multi_xml (0.2.0)
    rake (0.8.7)
    rcov (0.9.9)
    rcov (0.9.9-java)
    savon (0.7.9)
      builder (>= 2.1.2)
      crack (>= 0.1.4)
    shoulda (2.11.3)

PLATFORMS
  java
  ruby

DEPENDENCIES
  awesome_print
  bundler (~> 1.0.0)
  jeweler (~> 1.5.1)
  multi_xml
  rcov
  savon
  shoulda
