GEM
  remote: http://rubygems.org/
  specs:
    awesome_print (0.4.0)
    builder (3.0.0)
    git (1.2.5)
    gyoku (0.4.4)
      builder (>= 2.1.2)
    httpi (0.9.4)
      pyu-ntlm-http (>= 0.1.3.1)
      rack
    jeweler (1.5.2)
      bundler (~> 1.0.0)
      git (>= 1.2.5)
      rake
    multi_xml (0.2.2)
    nokogiri (1.4.4)
    nori (0.2.3)
    pyu-ntlm-http (0.1.3.1)
    rack (1.3.0)
    rake (0.9.2)
    rcov (0.9.9)
    savon (0.9.2)
      builder (>= 2.1.2)
      gyoku (>= 0.4.0)
      httpi (>= 0.7.8)
      nokogiri (>= 1.4.0)
      nori (>= 0.2.0)
    shoulda (2.11.3)

PLATFORMS
  ruby

DEPENDENCIES
  awesome_print
  bundler (~> 1.0.0)
  jeweler (~> 1.5.1)
  multi_xml
  rcov
  savon
  shoulda
